PATH
  remote: .
  specs:
    santander_chile-api_client (1.1.0)
      erb (>= 2.2)
      faraday (~> 1.7)
      faraday_middleware (~> 1.1)

GEM
  remote: https://rubygems.org/
  specs:
    cgi (0.1.0)
    diff-lcs (1.4.4)
    dotenv (2.7.6)
    erb (2.2.3)
      cgi
    faraday (1.7.1)
      faraday-em_http (~> 1.0)
      faraday-em_synchrony (~> 1.0)
      faraday-excon (~> 1.1)
      faraday-httpclient (~> 1.0.1)
      faraday-net_http (~> 1.0)
      faraday-net_http_persistent (~> 1.1)
      faraday-patron (~> 1.0)
      faraday-rack (~> 1.0)
      multipart-post (>= 1.2, < 3)
      ruby2_keywords (>= 0.0.4)
    faraday-em_http (1.0.0)
    faraday-em_synchrony (1.0.0)
    faraday-excon (1.1.0)
    faraday-httpclient (1.0.1)
    faraday-net_http (1.0.1)
    faraday-net_http_persistent (1.2.0)
    faraday-patron (1.0.0)
    faraday-rack (1.0.0)
    faraday_middleware (1.1.0)
      faraday (~> 1.0)
    multipart-post (2.1.1)
    rake (12.3.3)
    rspec (3.10.0)
      rspec-core (~> 3.10.0)
      rspec-expectations (~> 3.10.0)
      rspec-mocks (~> 3.10.0)
    rspec-core (3.10.1)
      rspec-support (~> 3.10.0)
    rspec-expectations (3.10.1)
      diff-lcs (>= 1.2.0, < 2.0)
      rspec-support (~> 3.10.0)
    rspec-mocks (3.10.2)
      diff-lcs (>= 1.2.0, < 2.0)
      rspec-support (~> 3.10.0)
    rspec-support (3.10.2)
    ruby2_keywords (0.0.5)

PLATFORMS
  ruby

DEPENDENCIES
  dotenv (~> 2.1)
  faraday (~> 1.7)
  faraday_middleware (~> 1.1)
  rake (~> 12.0)
  rspec (~> 3.0)
  santander_chile-api_client!

BUNDLED WITH
   2.1.4
